GEM
  remote: https://rubygems.org/
  specs:
    dotenv (2.2.1)
    faraday (0.12.1)
      multipart-post (>= 1.2, < 3)
    multipart-post (2.0.0)
    thor (0.19.4)

PLATFORMS
  ruby

DEPENDENCIES
  dotenv
  faraday
  thor

BUNDLED WITH
   1.15.1
